PATH
  remote: .
  specs:
    rubocop-packs (0.0.45)
      activesupport
      base64
      bigdecimal
      packs-specification
      parse_packwerk
      rubocop (~> 1.0)
      rubocop-sorbet (>= 0.8.4)
      sorbet-runtime

GEM
  remote: https://rubygems.org/
  specs:
    activesupport (7.0.4)
      concurrent-ruby (~> 1.0, >= 1.0.2)
      i18n (>= 1.6, < 2)
      minitest (>= 5.1)
      tzinfo (~> 2.0)
    ast (2.4.2)
    base64 (0.2.0)
    bigdecimal (3.1.8)
    concurrent-ruby (1.1.10)
    diff-lcs (1.5.1)
    erubi (1.13.0)
    i18n (1.12.0)
      concurrent-ruby (~> 1.0)
    json (2.6.2)
    minitest (5.16.3)
    netrc (0.11.0)
    packs-specification (0.0.10)
      sorbet-runtime
    parallel (1.25.1)
    parse_packwerk (0.26.0)
      bigdecimal
      sorbet-runtime
    parser (3.3.4.0)
      ast (~> 2.4.1)
      racc
    prism (0.30.0)
    racc (1.8.0)
    rainbow (3.1.1)
    rake (13.0.6)
    rbi (0.1.14)
      prism (>= 0.18.0, < 1.0.0)
      sorbet-runtime (>= 0.5.9204)
    regexp_parser (2.6.0)
    rexml (3.2.5)
    rspec (3.11.0)
      rspec-core (~> 3.11.0)
      rspec-expectations (~> 3.11.0)
      rspec-mocks (~> 3.11.0)
    rspec-core (3.11.0)
      rspec-support (~> 3.11.0)
    rspec-expectations (3.11.1)
      diff-lcs (>= 1.2.0, < 2.0)
      rspec-support (~> 3.11.0)
    rspec-mocks (3.11.1)
      diff-lcs (>= 1.2.0, < 2.0)
      rspec-support (~> 3.11.0)
    rspec-support (3.11.1)
    rubocop (1.36.0)
      json (~> 2.3)
      parallel (~> 1.10)
      parser (>= 3.1.2.1)
      rainbow (>= 2.2.2, < 4.0)
      regexp_parser (>= 1.8, < 3.0)
      rexml (>= 3.2.5, < 4.0)
      rubocop-ast (>= 1.20.1, < 2.0)
      ruby-progressbar (~> 1.7)
      unicode-display_width (>= 1.4.0, < 3.0)
    rubocop-ast (1.21.0)
      parser (>= 3.1.1.0)
    rubocop-extension-generator (0.5.1)
      activesupport
      bundler
      rubocop (>= 1.22.0)
    rubocop-sorbet (0.8.5)
      rubocop (>= 1)
    ruby-progressbar (1.11.0)
    sorbet (0.5.11492)
      sorbet-static (= 0.5.11492)
    sorbet-runtime (0.5.11492)
    sorbet-static (0.5.11492-universal-darwin)
    sorbet-static (0.5.11492-x86_64-linux)
    sorbet-static-and-runtime (0.5.11492)
      sorbet (= 0.5.11492)
      sorbet-runtime (= 0.5.11492)
    spoom (1.3.3)
      erubi (>= 1.10.0)
      prism (>= 0.28.0)
      sorbet-static-and-runtime (>= 0.5.10187)
      thor (>= 0.19.2)
    tapioca (0.15.1)
      bundler (>= 2.2.25)
      netrc (>= 0.11.0)
      parallel (>= 1.21.0)
      rbi (>= 0.1.4, < 0.2)
      sorbet-static-and-runtime (>= 0.5.11087)
      spoom (>= 1.2.0)
      thor (>= 1.2.0)
      yard-sorbet
    thor (1.3.1)
    tzinfo (2.0.5)
      concurrent-ruby (~> 1.0)
    unicode-display_width (2.3.0)
    yard (0.9.36)
    yard-sorbet (0.9.0)
      sorbet-runtime
      yard

PLATFORMS
  universal-darwin
  x86_64-linux

DEPENDENCIES
  bundler (~> 2.2.16)
  parser
  rake
  rspec (~> 3.0)
  rubocop-extension-generator
  rubocop-packs!
  sorbet
  tapioca

BUNDLED WITH
   2.2.33
